PATH
  remote: .
  specs:
    buscacep (1.0.0)
      nokogiri

GEM
  remote: http://rubygems.org/
  specs:
    nokogiri (1.5.5)
    rake (0.9.2.2)

PLATFORMS
  ruby

DEPENDENCIES
  buscacep!
  rake
